GIT
  remote: https://github.com/iwag/search-nicovideo-rb.git
  revision: 0a4a6c53c2468aa33b9536c90e70f2b1c9a4461a
  specs:
    search-nicovideo-rb (0.1.0)

GEM
  remote: https://rubygems.org/
  specs:
    rack (1.6.0)
    rack-protection (1.5.3)
      rack
    sinatra (1.4.6)
      rack (~> 1.4)
      rack-protection (~> 1.4)
      tilt (>= 1.3, < 3)
    tilt (2.0.1)

PLATFORMS
  ruby

DEPENDENCIES
  search-nicovideo-rb!
  sinatra
